GEM
  remote: https://rubygems.org/
  specs:
    activerecord (2.3.15)
      activesupport (= 2.3.15)
    activesupport (2.3.15)
    git (1.2.5)
    jeweler (1.8.4)
      bundler (~> 1.0)
      git (>= 1.2.5)
      rake
      rdoc
    json (1.7.6)
    rake (10.0.3)
    rdoc (3.12)
      json (~> 1.4)
    shoulda (2.11.3)
    sqlite3 (1.3.7)

PLATFORMS
  ruby

DEPENDENCIES
  activerecord (~> 2.3.0)
  jeweler (~> 1.8.4)
  shoulda (~> 2.11.0)
  sqlite3 (~> 1.3.7)
